GEM
  remote: http://rubygems.org/
  specs:
    activesupport (3.2.13)
      i18n (= 0.6.1)
      multi_json (~> 1.0)
    coderay (1.0.9)
    columnize (0.3.6)
    debugger (1.5.0)
      columnize (>= 0.3.1)
      debugger-linecache (~> 1.2.0)
      debugger-ruby_core_source (~> 1.2.0)
    debugger-linecache (1.2.0)
    debugger-ruby_core_source (1.2.0)
    i18n (0.6.1)
    method_source (0.8.1)
    multi_json (1.7.2)
    pry (0.9.12)
      coderay (~> 1.0.5)
      method_source (~> 0.8)
      slop (~> 3.4)
    pry-debugger (0.2.2)
      debugger (~> 1.3)
      pry (~> 0.9.10)
    redis (3.0.3)
    redis-namespace (1.2.1)
      redis (~> 3.0.0)
    slop (3.4.4)

PLATFORMS
  ruby

DEPENDENCIES
  activesupport (~> 3.2)
  bundler (~> 1.3.5)
  pry
  pry-debugger
  redis (~> 3.0)
  redis-namespace
