GIT
  remote: git://github.com/madebymany/redis-namespace.git
  revision: 4d6278173b219afa950f8ff282ac6221f2aeeb9e
  branch: master
  specs:
    redis-namespace (1.3.0)
      redis (~> 3.0.0)

PATH
  remote: .
  specs:
    ublisherp (0.0.1)
      activemodel (>= 3.2, < 5)
      activesupport (>= 3.2)
      hooks (~> 0.3.1)
      multi_json (~> 1.0)
      oj (~> 2.0.11)
      redis (~> 3.0)
      redis-namespace

GEM
  remote: http://rubygems.org/
  specs:
    activemodel (3.2.13)
      activesupport (= 3.2.13)
      builder (~> 3.0.0)
    activerecord (3.2.13)
      activemodel (= 3.2.13)
      activesupport (= 3.2.13)
      arel (~> 3.0.2)
      tzinfo (~> 0.3.29)
    activesupport (3.2.13)
      i18n (= 0.6.1)
      multi_json (~> 1.0)
    arel (3.0.2)
    builder (3.0.4)
    coderay (1.0.9)
    columnize (0.3.6)
    debugger (1.6.0)
      columnize (>= 0.3.1)
      debugger-linecache (~> 1.2.0)
      debugger-ruby_core_source (~> 1.2.1)
    debugger-linecache (1.2.0)
    debugger-ruby_core_source (1.2.2)
    diff-lcs (1.2.3)
    hooks (0.3.1)
    i18n (0.6.1)
    method_source (0.8.1)
    multi_json (1.7.2)
    oj (2.0.14)
    pry (0.9.12.2)
      coderay (~> 1.0.5)
      method_source (~> 0.8)
      slop (~> 3.4)
    pry-debugger (0.2.2)
      debugger (~> 1.3)
      pry (~> 0.9.10)
    redis (3.0.4)
    rspec (2.13.0)
      rspec-core (~> 2.13.0)
      rspec-expectations (~> 2.13.0)
      rspec-mocks (~> 2.13.0)
    rspec-core (2.13.1)
    rspec-expectations (2.13.0)
      diff-lcs (>= 1.1.3, < 2.0)
    rspec-mocks (2.13.1)
    slop (3.4.5)
    sqlite3 (1.3.7)
    tzinfo (0.3.37)

PLATFORMS
  ruby

DEPENDENCIES
  activerecord (~> 3.2)
  bundler (~> 1.3.4)
  pry
  pry-debugger
  redis-namespace!
  rspec
  sqlite3
  ublisherp!
